GEM
  remote: https://rubygems.org/
  specs:
    addressable (2.4.0)
    colorize (0.8.1)
    crack (0.4.3)
      safe_yaml (~> 1.0.0)
    hashdiff (0.3.0)
    safe_yaml (1.0.4)
    webmock (1.24.6)
      addressable (>= 2.3.6)
      crack (>= 0.3.2)
      hashdiff
    xml-simple (1.1.5)

PLATFORMS
  ruby

DEPENDENCIES
  colorize (~> 0.7)
  safe_yaml (~> 1.0)
  webmock (~> 1.20)
  xml-simple (~> 1.1)

RUBY VERSION
   ruby 2.3.1p112

BUNDLED WITH
   1.12.5
